PATH
  remote: .
  specs:
    usra_video (0.1.0)
      mini_magick (~> 4.10.1)
      pry (~> 0.13.1)
      pry-doc (~> 1.1.0)
      ruby-opencv (~> 0.0.18)
      streamio-ffmpeg (~> 3.0.2)

GEM
  remote: https://rubygems.org/
  specs:
    byebug (11.1.3)
    coderay (1.1.3)
    method_source (1.0.0)
    mini_magick (4.10.1)
    multi_json (1.15.0)
    pry (0.13.1)
      coderay (~> 1.1)
      method_source (~> 1.0)
    pry-byebug (3.9.0)
      byebug (~> 11.0)
      pry (~> 0.13.0)
    pry-doc (1.1.0)
      pry (~> 0.11)
      yard (~> 0.9.11)
    rake (12.3.3)
    ruby-opencv (0.0.18)
    streamio-ffmpeg (3.0.2)
      multi_json (~> 1.8)
    yard (0.9.25)

PLATFORMS
  ruby

DEPENDENCIES
  mini_magick (~> 4.10)
  pry (~> 0.13.0)
  pry-byebug (~> 3.9)
  rake (~> 12.0)
  ruby-opencv (= 0.0.18)
  streamio-ffmpeg (~> 3.0)
  usra_video!

BUNDLED WITH
   1.17.2
